GEM
  remote: http://rubygems.org/
  specs:
    daemons (1.1.8)
    dalli (2.0.5)
    eventmachine (0.12.10)
    faraday (0.8.1)
      multipart-post (~> 1.1)
    hashie (1.2.0)
    json (1.7.3)
    linkedin (0.3.7)
      hashie (~> 1.2)
      multi_json (~> 1.0)
      oauth (~> 0.4)
    multi_json (1.3.6)
    multipart-post (1.1.5)
    nokogiri (1.5.4)
    oauth (0.4.6)
    rack (1.4.1)
    rack-protection (1.2.0)
      rack
    simple_oauth (0.1.8)
    sinatra (1.3.2)
      rack (~> 1.3, >= 1.3.6)
      rack-protection (~> 1.2)
      tilt (~> 1.3, >= 1.3.3)
    thin (1.3.1)
      daemons (>= 1.0.9)
      eventmachine (>= 0.12.6)
      rack (>= 1.0.0)
    tilt (1.3.3)
    twitter (2.5.0)
      faraday (~> 0.8)
      multi_json (~> 1.3)
      simple_oauth (~> 0.1.6)

PLATFORMS
  ruby

DEPENDENCIES
  dalli
  json
  linkedin
  nokogiri
  sinatra (= 1.3.2)
  thin
  twitter
